GEM
  remote: https://rubygems.org/
  specs:
    logger (1.2.8)

PLATFORMS
  ruby

DEPENDENCIES
  logger
